GIT
  remote: git://github.com/mlen/bbq-spawn.git
  revision: 429eb7f720d9290fa437ee4a248fda1831f284c1
  specs:
    bbq-spawn (0.0.3)
      childprocess

PATH
  remote: .
  specs:
    dht (0.0.3)

PATH
  remote: ../dcell
  specs:
    dcell (0.14.0)
      celluloid (>= 0.13.0)
      celluloid-zmq (>= 0.13.0)
      redis
      redis-namespace
      reel

GEM
  remote: https://rubygems.org/
  specs:
    bogus (0.1.0)
      dependor (>= 0.0.4)
    celluloid (0.14.1)
      timers (>= 1.0.0)
    celluloid-io (0.14.1)
      celluloid (>= 0.14.1)
      nio4r (>= 0.4.5)
    celluloid-zmq (0.14.0)
      celluloid (>= 0.13.0)
      ffi
      ffi-rzmq
    certified (0.1.1)
    childprocess (0.3.9)
      ffi (~> 1.0, >= 1.0.11)
    colorize (0.5.8)
    coveralls (0.6.7)
      colorize
      multi_json (~> 1.3)
      rest-client
      simplecov (>= 0.7)
      thor
    dependor (0.0.6)
    diff-lcs (1.2.4)
    ffi (1.9.0)
    ffi-rzmq (1.0.1)
      ffi
    http (0.4.0)
      certified
      http_parser.rb
    http_parser.rb (0.5.3)
    mime-types (1.23)
    multi_json (1.7.7)
    nio4r (0.4.6)
    rack (1.5.2)
    rake (10.1.0)
    redis (3.0.4)
    redis-namespace (1.3.0)
      redis (~> 3.0.0)
    reel (0.3.0)
      celluloid-io (>= 0.8.0)
      http (>= 0.2.0)
      http_parser.rb (>= 0.5.3)
      rack (>= 1.4.0)
      websocket_parser (>= 0.1.0)
    rest-client (1.6.7)
      mime-types (>= 1.16)
    rspec (2.13.0)
      rspec-core (~> 2.13.0)
      rspec-expectations (~> 2.13.0)
      rspec-mocks (~> 2.13.0)
    rspec-core (2.13.1)
    rspec-expectations (2.13.0)
      diff-lcs (>= 1.1.3, < 2.0)
    rspec-mocks (2.13.1)
    simplecov (0.7.1)
      multi_json (~> 1.0)
      simplecov-html (~> 0.7.1)
    simplecov-html (0.7.1)
    thor (0.18.1)
    timers (1.1.0)
    websocket_parser (0.1.4)
      http

PLATFORMS
  ruby

DEPENDENCIES
  bbq-spawn!
  bogus
  coveralls
  dcell!
  dht!
  rake
  rspec
