GIT
  remote: git://github.com/igrigorik/em-synchrony.git
  revision: e585afeeb262d2aeb2885f706c3afb4c2f0e4b6f
  specs:
    em-synchrony (0.1.5)
      eventmachine (>= 0.12.9)

GEM
  remote: http://rubygems.org/
  specs:
    ZenTest (4.6.2)
    activesupport (3.0.0)
    addressable (2.2.1)
    autotest (4.4.6)
      ZenTest (>= 4.4.1)
    capybara (1.1.2)
      mime-types (>= 1.16)
      nokogiri (>= 1.3.3)
      rack (>= 1.0.0)
      rack-test (>= 0.5.4)
      selenium-webdriver (~> 2.0)
      xpath (~> 0.1.4)
    childprocess (0.3.1)
      ffi (~> 1.0.6)
    daemons (1.1.0)
    database_cleaner (0.7.1)
    diff-lcs (1.1.3)
    em-http-request (0.2.14)
      addressable (>= 2.0.0)
      eventmachine (>= 0.12.9)
    eventmachine (0.12.10)
    factory_girl (1.3.3)
    ffi (1.0.11)
    haml (3.0.21)
    i18n (0.4.1)
    json (1.4.6)
    mime-types (1.17.2)
    multi_json (1.1.0)
    multimap (1.1.2)
    nokogiri (1.5.0)
    rack (1.5.2)
    rack-fiber_pool (0.9.0)
    rack-test (0.6.1)
      rack (>= 1.0)
    rake (0.9.2.2)
    rspec (2.0.1)
      rspec-core (~> 2.0.1)
      rspec-expectations (~> 2.0.1)
      rspec-mocks (~> 2.0.1)
    rspec-core (2.0.1)
    rspec-expectations (2.0.1)
      diff-lcs (>= 1.1.2)
    rspec-mocks (2.0.1)
      rspec-core (~> 2.0.1)
      rspec-expectations (~> 2.0.1)
    rubyzip (0.9.6.1)
    selenium-webdriver (2.20.0)
      childprocess (>= 0.2.5)
      ffi (~> 1.0)
      multi_json (~> 1.0)
      rubyzip
    sinatra (1.0)
      rack (>= 1.0)
    spork (0.9.0)
    thin (1.2.7)
      daemons (>= 1.0.9)
      eventmachine (>= 0.12.6)
      rack (>= 1.0.0)
    timecop (0.3.5)
    xpath (0.1.4)
      nokogiri (~> 1.3)

PLATFORMS
  ruby

DEPENDENCIES
  activesupport (~> 3.0.0)
  autotest
  capybara
  database_cleaner
  em-http-request
  em-synchrony!
  eventmachine (= 0.12.10)
  factory_girl (~> 1.3.1)
  haml (~> 3.0.18)
  i18n
  json
  multimap
  rack-fiber_pool
  rake
  rspec (~> 2.0.0.rc)
  sinatra
  spork
  thin
  timecop
