PATH
  remote: .
  specs:
    dht (0.0.3)

PATH
  remote: ../dcell
  specs:
    dcell (0.14.0)
      celluloid (>= 0.13.0)
      celluloid-zmq (>= 0.13.0)
      redis
      redis-namespace
      reel

GEM
  remote: https://rubygems.org/
  specs:
    celluloid (0.14.1)
      timers (>= 1.0.0)
    celluloid-io (0.14.1)
      celluloid (>= 0.14.1)
      nio4r (>= 0.4.5)
    celluloid-zmq (0.14.0)
      celluloid (>= 0.13.0)
      ffi
      ffi-rzmq
    certified (0.1.1)
    diff-lcs (1.2.4)
    ffi (1.9.0)
    ffi-rzmq (1.0.1)
      ffi
    http (0.4.0)
      certified
      http_parser.rb
    http_parser.rb (0.5.3)
    nio4r (0.4.6)
    rack (1.5.2)
    rake (10.0.4)
    redis (3.0.4)
    redis-namespace (1.3.0)
      redis (~> 3.0.0)
    reel (0.3.0)
      celluloid-io (>= 0.8.0)
      http (>= 0.2.0)
      http_parser.rb (>= 0.5.3)
      rack (>= 1.4.0)
      websocket_parser (>= 0.1.0)
    rspec (2.13.0)
      rspec-core (~> 2.13.0)
      rspec-expectations (~> 2.13.0)
      rspec-mocks (~> 2.13.0)
    rspec-core (2.13.1)
    rspec-expectations (2.13.0)
      diff-lcs (>= 1.1.3, < 2.0)
    rspec-mocks (2.13.1)
    timers (1.1.0)
    websocket_parser (0.1.4)
      http

PLATFORMS
  ruby

DEPENDENCIES
  dcell!
  dht!
  rake
  rspec
